PATH
  remote: .
  specs:
    couch_tap (0.0.1)
      active_support (>= 3.0.0)
      couchrest (~> 1.1.3)
      em-http-request (~> 1.0.3)
      sequel (>= 3.45.0)
      yajl-ruby (~> 1.1.0)

GEM
  remote: https://rubygems.org/
  specs:
    active_support (3.0.0)
      activesupport (= 3.0.0)
    activesupport (3.0.0)
    addressable (2.3.3)
    cookiejar (0.3.0)
    couchrest (1.1.3)
      mime-types (~> 1.15)
      multi_json (~> 1.0)
      rest-client (~> 1.6.1)
    em-http-request (1.0.3)
      addressable (>= 2.2.3)
      cookiejar
      em-socksify
      eventmachine (>= 1.0.0.beta.4)
      http_parser.rb (>= 0.5.3)
    em-socksify (0.2.1)
      eventmachine (>= 1.0.0.beta.4)
    eventmachine (1.0.3)
    http_parser.rb (0.5.3)
    metaclass (0.0.1)
    mime-types (1.21)
    mocha (0.13.3)
      metaclass (~> 0.0.1)
    multi_json (1.7.2)
    rest-client (1.6.7)
      mime-types (>= 1.16)
    sequel (3.45.0)
    yajl-ruby (1.1.0)

PLATFORMS
  ruby

DEPENDENCIES
  couch_tap!
  mocha
