PATH
  remote: .
  specs:
    couch_tap (0.0.2)
      activesupport (>= 3.0.0)
      couchrest (~> 1.1.3)
      em-http-request (~> 1.0.3)
      sequel (>= 3.45.0)
      yajl-ruby (~> 1.1.0)

GEM
  remote: https://rubygems.org/
  specs:
    activesupport (4.0.2)
      i18n (~> 0.6, >= 0.6.4)
      minitest (~> 4.2)
      multi_json (~> 1.3)
      thread_safe (~> 0.1)
      tzinfo (~> 0.3.37)
    addressable (2.3.6)
    atomic (1.1.14)
    cookiejar (0.3.2)
    couchrest (1.1.3)
      mime-types (~> 1.15)
      multi_json (~> 1.0)
      rest-client (~> 1.6.1)
    em-http-request (1.0.3)
      addressable (>= 2.2.3)
      cookiejar
      em-socksify
      eventmachine (>= 1.0.0.beta.4)
      http_parser.rb (>= 0.5.3)
    em-socksify (0.3.0)
      eventmachine (>= 1.0.0.beta.4)
    eventmachine (1.0.3)
    http_parser.rb (0.6.0)
    i18n (0.6.9)
    metaclass (0.0.1)
    mime-types (1.25.1)
    minitest (4.7.5)
    mocha (0.13.3)
      metaclass (~> 0.0.1)
    multi_json (1.9.2)
    rest-client (1.6.7)
      mime-types (>= 1.16)
    sequel (4.9.0)
    sqlite3 (1.3.7)
    thread_safe (0.1.3)
      atomic
    tzinfo (0.3.38)
    yajl-ruby (1.1.0)

PLATFORMS
  ruby

DEPENDENCIES
  couch_tap!
  mocha
  sqlite3
